GEM
  remote: https://rubygems.org/
  specs:
    rake (12.3.2)
    rake-compiler (1.0.6)
      rake

PLATFORMS
  ruby

DEPENDENCIES
  rake-compiler (~> 1.0.5)

BUNDLED WITH
   1.16.1
